GEM
  remote: https://rubygems.org/
  specs:
    concurrent-ruby (1.3.4)
    nokogiri (1.16.7-x86_64-linux)
      racc (~> 1.4)
    racc (1.8.1)

PLATFORMS
  x86_64-linux

DEPENDENCIES
  concurrent-ruby
  nokogiri

BUNDLED WITH
   2.3.5
